GIT
  remote: https://github.com/itsthedevman/discordrb.git
  revision: 3fc283e8f21cb1bb79303ea96edfa6637ec72850
  branch: fix/group-subcommand-mixing
  specs:
    discordrb (3.5.0)
      discordrb-webhooks (~> 3.5.0)
      ffi (>= 1.9.24)
      opus-ruby
      rest-client (>= 2.0.0)
      websocket-client-simple (>= 0.3.0)
    discordrb-webhooks (3.5.0)
      rest-client (>= 2.0.0)

GIT
  remote: https://github.com/itsthedevman/redis_ipc
  revision: c3e17a98a9e8a9730ff40093f05b43ed02e8e087
  specs:
    redis_ipc (1.0.2)
      activesupport (>= 6.1)
      concurrent-ruby (~> 1.2)
      concurrent-ruby-ext (~> 1.2)
      connection_pool (~> 2.4)
      rake (~> 13.0)
      redis (~> 5.0)

GEM
  remote: https://rubygems.org/
  specs:
    actionpack (7.1.3.2)
      actionview (= 7.1.3.2)
      activesupport (= 7.1.3.2)
      nokogiri (>= 1.8.5)
      racc
      rack (>= 2.2.4)
      rack-session (>= 1.0.1)
      rack-test (>= 0.6.3)
      rails-dom-testing (~> 2.2)
      rails-html-sanitizer (~> 1.6)
    actionview (7.1.3.2)
      activesupport (= 7.1.3.2)
      builder (~> 3.1)
      erubi (~> 1.11)
      rails-dom-testing (~> 2.2)
      rails-html-sanitizer (~> 1.6)
    active_record_query_trace (1.8.2)
      activerecord (>= 6.0.0)
    activemodel (7.1.3.2)
      activesupport (= 7.1.3.2)
    activerecord (7.1.3.2)
      activemodel (= 7.1.3.2)
      activesupport (= 7.1.3.2)
      timeout (>= 0.4.0)
    activerecord-import (1.5.1)
      activerecord (>= 4.2)
    activesupport (7.1.3.2)
      base64
      bigdecimal
      concurrent-ruby (~> 1.0, >= 1.0.2)
      connection_pool (>= 2.2.5)
      drb
      i18n (>= 1.6, < 2)
      minitest (>= 5.1)
      mutex_m
      tzinfo (~> 2.0)
    airbrussh (1.5.1)
      sshkit (>= 1.6.1, != 1.7.0)
    ast (2.4.2)
    awesome_print (1.9.2)
    backport (1.2.0)
    base64 (0.2.0)
    bcrypt_pbkdf (1.1.0)
    benchmark (0.3.0)
    benchmark-ips (2.13.0)
    bigdecimal (3.1.6)
    builder (3.2.4)
    bundle-audit (0.1.0)
      bundler-audit
    bundler-audit (0.9.1)
      bundler (>= 1.2.0, < 3)
      thor (~> 1.0)
    capistrano (3.18.0)
      airbrussh (>= 1.0.0)
      i18n
      rake (>= 10.0.0)
      sshkit (>= 1.9.0)
    capistrano-asdf (1.1.1)
      capistrano (~> 3.0)
      sshkit (~> 1.2)
    capistrano-bundler (2.1.0)
      capistrano (~> 3.1)
    celluloid (0.17.4)
      celluloid-essentials
      celluloid-extras
      celluloid-fsm
      celluloid-pool
      celluloid-supervision
      timers (>= 4.1.1)
    celluloid-essentials (0.20.5)
      timers (>= 4.1.1)
    celluloid-extras (0.20.5)
      timers (>= 4.1.1)
    celluloid-fsm (0.20.5)
      timers (>= 4.1.1)
    celluloid-io (0.17.3)
      celluloid (>= 0.17.2)
      nio4r (>= 1.1)
      timers (>= 4.1.1)
    celluloid-pool (0.20.5)
      timers (>= 4.1.1)
    celluloid-supervision (0.20.6)
      timers (>= 4.1.1)
    coderay (1.1.3)
    colorize (1.1.0)
    concurrent-ruby (1.2.3)
    concurrent-ruby-ext (1.2.3)
      concurrent-ruby (= 1.2.3)
    connection_pool (2.4.1)
    crass (1.0.6)
    database_cleaner-active_record (2.1.0)
      activerecord (>= 5.a)
      database_cleaner-core (~> 2.0.0)
    database_cleaner-core (2.0.1)
    diff-lcs (1.5.1)
    docile (1.4.0)
    domain_name (0.6.20240107)
    dotenv (3.1.0)
    dotiw (5.3.3)
      activesupport
      i18n
    drb (2.2.1)
    e2mmap (0.1.0)
    ed25519 (1.3.0)
    erubi (1.12.0)
    event_emitter (0.2.6)
    eventmachine (1.2.7)
    eye (0.10.0)
      celluloid (~> 0.17.3)
      celluloid-io (~> 0.17.0)
      kostya-sigar (~> 2.0.0)
      state_machines
      thor
    factory_bot (6.4.6)
      activesupport (>= 5.0.0)
    faker (3.2.3)
      i18n (>= 1.8.11, < 2)
    faraday (0.17.6)
      multipart-post (>= 1.2, < 3)
    fast_jsonparser (0.6.0)
    faye-websocket (0.11.3)
      eventmachine (>= 0.12.0)
      websocket-driver (>= 0.5.1)
    ffi (1.16.3)
    hashids (1.0.6)
    hashie (5.0.0)
    hashie-forbidden_attributes (0.1.1)
      hashie (>= 3.0)
    http-accept (1.7.0)
    http-cookie (1.0.5)
      domain_name (~> 0.5)
    httparty (0.21.0)
      mini_mime (>= 1.0.0)
      multi_xml (>= 0.5.2)
    i18n (1.14.4)
      concurrent-ruby (~> 1.0)
    io-console (0.7.2)
    irb (1.12.0)
      rdoc
      reline (>= 0.4.2)
    jaro_winkler (1.5.6)
    json (2.7.1)
    kostya-sigar (2.0.10)
    kramdown (2.4.0)
      rexml
    kramdown-parser-gfm (1.1.0)
      kramdown (~> 2.0)
    language_server-protocol (3.17.0.3)
    lint_roller (1.1.0)
    loofah (2.22.0)
      crass (~> 1.0.2)
      nokogiri (>= 1.12.0)
    memory_profiler (1.0.1)
    method_source (1.0.0)
    mime-types (3.5.2)
      mime-types-data (~> 3.2015)
    mime-types-data (3.2024.0305)
    mini_mime (1.1.5)
    minitest (5.22.2)
    multi_json (1.15.0)
    multi_xml (0.6.0)
    multipart-post (2.4.0)
    mustermann (3.0.0)
      ruby2_keywords (~> 0.0.1)
    mutex_m (0.2.0)
    mysql2 (0.5.6)
    neatjson (0.10.5)
    net-scp (4.0.0)
      net-ssh (>= 2.6.5, < 8.0.0)
    net-sftp (4.0.0)
      net-ssh (>= 5.0.0, < 8.0.0)
    net-ssh (7.2.1)
    netrc (0.11.0)
    nio4r (2.7.0)
    nokogiri (1.16.2-x86_64-darwin)
      racc (~> 1.4)
    nokogiri (1.16.2-x86_64-linux)
      racc (~> 1.4)
    opus-ruby (1.0.1)
      ffi
    otr-activerecord (2.2.0)
      activerecord (>= 4.0, < 7.2)
      hashie-forbidden_attributes (~> 0.1)
    parallel (1.24.0)
    parser (3.3.0.5)
      ast (~> 2.4.1)
      racc
    pg (1.5.6)
    pry (0.14.2)
      coderay (~> 1.1)
      method_source (~> 1.0)
    psych (5.1.2)
      stringio
    puma (6.4.2)
      nio4r (~> 2.0)
    racc (1.7.3)
    rack (3.0.9.1)
    rack-protection (4.0.0)
      base64 (>= 0.1.0)
      rack (>= 3.0.0, < 4)
    rack-session (2.0.0)
      rack (>= 3.0.0)
    rack-test (2.1.0)
      rack (>= 1.3)
    rackup (2.1.0)
      rack (>= 3)
      webrick (~> 1.8)
    rails-dom-testing (2.2.0)
      activesupport (>= 5.0.0)
      minitest
      nokogiri (>= 1.6)
    rails-html-sanitizer (1.6.0)
      loofah (~> 2.21)
      nokogiri (~> 1.14)
    railties (7.1.3.2)
      actionpack (= 7.1.3.2)
      activesupport (= 7.1.3.2)
      irb
      rackup (>= 1.0.0)
      rake (>= 12.2)
      thor (~> 1.0, >= 1.2.2)
      zeitwerk (~> 2.6)
    rainbow (3.1.1)
    rake (13.1.0)
    rbs (2.8.4)
    rdoc (6.6.2)
      psych (>= 4.0.0)
    redis (5.1.0)
      redis-client (>= 0.17.0)
    redis-client (0.21.0)
      connection_pool
    regexp_parser (2.9.0)
    reline (0.4.3)
      io-console (~> 0.5)
    rest-client (2.1.0)
      http-accept (>= 1.7.0, < 2.0)
      http-cookie (>= 1.0.2, < 2.0)
      mime-types (>= 1.16, < 4.0)
      netrc (~> 0.8)
    reverse_markdown (2.1.1)
      nokogiri
    rexml (3.2.6)
    rspec (3.13.0)
      rspec-core (~> 3.13.0)
      rspec-expectations (~> 3.13.0)
      rspec-mocks (~> 3.13.0)
    rspec-core (3.13.0)
      rspec-support (~> 3.13.0)
    rspec-expectations (3.13.0)
      diff-lcs (>= 1.2.0, < 2.0)
      rspec-support (~> 3.13.0)
    rspec-mocks (3.13.0)
      diff-lcs (>= 1.2.0, < 2.0)
      rspec-support (~> 3.13.0)
    rspec-support (3.13.1)
    rspec-wait (0.0.9)
      rspec (>= 3, < 4)
    rubocop (1.62.0)
      json (~> 2.3)
      language_server-protocol (>= 3.17.0)
      parallel (~> 1.10)
      parser (>= 3.3.0.2)
      rainbow (>= 2.2.2, < 4.0)
      regexp_parser (>= 1.8, < 3.0)
      rexml (>= 3.2.5, < 4.0)
      rubocop-ast (>= 1.31.1, < 2.0)
      ruby-progressbar (~> 1.7)
      unicode-display_width (>= 2.4.0, < 3.0)
    rubocop-ast (1.31.2)
      parser (>= 3.3.0.4)
    rubocop-capybara (2.20.0)
      rubocop (~> 1.41)
    rubocop-factory_bot (2.25.1)
      rubocop (~> 1.41)
    rubocop-performance (1.20.2)
      rubocop (>= 1.48.1, < 2.0)
      rubocop-ast (>= 1.30.0, < 2.0)
    rubocop-rails (2.24.0)
      activesupport (>= 4.2.0)
      rack (>= 1.1)
      rubocop (>= 1.33.0, < 2.0)
      rubocop-ast (>= 1.31.1, < 2.0)
    rubocop-rspec (2.27.1)
      rubocop (~> 1.40)
      rubocop-capybara (~> 2.17)
      rubocop-factory_bot (~> 2.22)
    ruby-prof (1.7.0)
    ruby-progressbar (1.13.0)
    ruby2_keywords (0.0.5)
    semantic (1.6.1)
    simplecov (0.22.0)
      docile (~> 1.1)
      simplecov-html (~> 0.11)
      simplecov_json_formatter (~> 0.1)
    simplecov-html (0.12.3)
    simplecov_json_formatter (0.1.4)
    sinatra (4.0.0)
      mustermann (~> 3.0)
      rack (>= 3.0.0, < 4)
      rack-protection (= 4.0.0)
      rack-session (>= 2.0.0, < 3)
      tilt (~> 2.0)
    solargraph (0.50.0)
      backport (~> 1.2)
      benchmark
      bundler (~> 2.0)
      diff-lcs (~> 1.4)
      e2mmap
      jaro_winkler (~> 1.5)
      kramdown (~> 2.3)
      kramdown-parser-gfm (~> 1.1)
      parser (~> 3.0)
      rbs (~> 2.0)
      reverse_markdown (~> 2.0)
      rubocop (~> 1.38)
      thor (~> 1.0)
      tilt (~> 2.0)
      yard (~> 0.9, >= 0.9.24)
    sshkit (1.22.0)
      mutex_m
      net-scp (>= 1.1.2)
      net-sftp (>= 2.1.2)
      net-ssh (>= 2.8.0)
    standalone_migrations (7.1.3)
      activerecord (>= 6.0.0, < 7.2)
      nokogiri (~> 1.14)
      railties (>= 6.0.0, < 7.2)
      rake (>= 10.0)
    standard (1.34.0)
      language_server-protocol (~> 3.17.0.2)
      lint_roller (~> 1.0)
      rubocop (~> 1.60)
      standard-custom (~> 1.0.0)
      standard-performance (~> 1.3)
    standard-custom (1.0.2)
      lint_roller (~> 1.0)
      rubocop (~> 1.50)
    standard-performance (1.3.1)
      lint_roller (~> 1.1)
      rubocop-performance (~> 1.20.2)
    state_machines (0.6.0)
    steam-condenser (1.3.11)
      multi_json (~> 1.6)
      multi_xml (~> 0.5)
    steam_web_api (0.0.3)
      faraday (~> 0.9)
    stringio (3.1.0)
    sucker_punch (3.2.0)
      concurrent-ruby (~> 1.0)
    terminal-table (3.0.2)
      unicode-display_width (>= 1.1.1, < 3)
    thor (1.3.1)
    tilt (2.3.0)
    timecop (0.9.8)
    timeout (0.4.1)
    timers (4.3.5)
    tzinfo (2.0.6)
      concurrent-ruby (~> 1.0)
    unicode-display_width (2.5.0)
    webrick (1.8.1)
    websocket (1.2.10)
    websocket-client-simple (0.8.0)
      event_emitter
      websocket
    websocket-driver (0.7.6)
      websocket-extensions (>= 0.1.0)
    websocket-extensions (0.1.5)
    yard (0.9.36)
    zeitwerk (2.6.13)

PLATFORMS
  x86_64-darwin-21
  x86_64-linux

DEPENDENCIES
  actionview (~> 7.0, >= 7.0.7.2)
  active_record_query_trace
  activerecord (~> 7.0, >= 7.0.7.2)
  activerecord-import (~> 1.5)
  activesupport (~> 7.0, >= 7.0.7.2)
  awesome_print
  bcrypt_pbkdf
  benchmark-ips
  bundle-audit
  bundler
  capistrano
  capistrano-asdf
  capistrano-bundler
  colorize
  connection_pool (~> 2.4, >= 2.4.1)
  database_cleaner-active_record
  discordrb!
  dotenv
  dotiw
  ed25519
  eye
  factory_bot
  faker
  fast_jsonparser
  faye-websocket
  hashids
  httparty
  i18n
  memory_profiler
  mysql2
  neatjson
  otr-activerecord
  pg
  pry
  puma
  rake
  redis
  redis_ipc!
  rspec
  rspec-wait
  rubocop-performance
  rubocop-rails
  rubocop-rspec
  ruby-prof
  semantic
  simplecov
  sinatra
  solargraph
  standalone_migrations (~> 7.1, >= 7.1.1)
  standard
  steam-condenser
  steam_web_api
  sucker_punch
  terminal-table
  timecop
  yard
  zeitwerk

BUNDLED WITH
   2.4.8
